PATH
  remote: .
  specs:
    friendly-attributes (0.7.3)
      activerecord (~> 2.3.18)
      activerecord-mysql2-adapter (~> 0.0.3)
      ihoka-friendly (~> 0.8.0.pre)
      memcached (~> 1.7.2)
      yajl-ruby (~> 1.2.0)

GEM
  remote: http://rubygems.org/
  specs:
    activerecord (2.3.18)
      activesupport (= 2.3.18)
    activerecord-mysql2-adapter (0.0.3)
      mysql2
    activesupport (2.3.18)
    database_cleaner (1.2.0)
    diff-lcs (1.1.3)
    ihoka-friendly (0.8.0.pre)
      activesupport (~> 2.3.18)
      rufus-json (~> 0.2.3)
      sequel (~> 4.10.0)
      will_paginate (~> 2.3.15)
    memcached (1.7.2)
    mysql2 (0.3.16)
    rake (10.1.0)
    rspec (2.5.0)
      rspec-core (~> 2.5.0)
      rspec-expectations (~> 2.5.0)
      rspec-mocks (~> 2.5.0)
    rspec-core (2.5.2)
    rspec-expectations (2.5.0)
      diff-lcs (~> 1.1.2)
    rspec-mocks (2.5.0)
    rufus-json (0.2.7)
    sequel (4.10.0)
    will_paginate (2.3.16)
    yajl-ruby (1.2.0)

PLATFORMS
  ruby

DEPENDENCIES
  database_cleaner (~> 1.2.0)
  friendly-attributes!
  mysql2 (~> 0.3.15)
  rake
  rspec (~> 2.5.0)
